GEM
  remote: https://rubygems.org/
  specs:
    coderay (1.1.0)
    json (2.3.0)
    method_source (0.8.2)
    nio4r (2.5.9)
    pry (0.10.1)
      coderay (~> 1.1.0)
      method_source (~> 0.8.1)
      slop (~> 3.4)
    puma (5.6.7)
      nio4r (~> 2.0)
    rack (1.6.13)
    rack-protection (1.5.5)
      rack
    sinatra (1.4.5)
      rack (~> 1.4)
      rack-protection (~> 1.4)
      tilt (~> 1.3, >= 1.3.4)
    slop (3.6.0)
    tilt (1.4.1)

PLATFORMS
  ruby

DEPENDENCIES
  json
  pry
  puma
  rack (= 1.6.13)
  sinatra
